GEM
  remote: http://rubygems.org/
  specs:
    sass (3.2.9)
    zurb-foundation (4.3.0)
      sass (>= 3.2.0)

PLATFORMS
  ruby

DEPENDENCIES
  zurb-foundation
